PATH
  remote: .
  specs:
    constantcontact (0.1.0)
      activeresource (~> 2.3.14)
      builder (~> 3.0.0)

GEM
  remote: http://rubygems.org/
  specs:
    activeresource (2.3.14)
      activesupport (= 2.3.14)
    activesupport (2.3.14)
    builder (3.0.0)
    columnize (0.3.5)
    diff-lcs (1.1.3)
    fakeweb (1.3.0)
    libxml-ruby (2.2.2)
    linecache (0.46)
      rbx-require-relative (> 0.0.4)
    rake (0.8.7)
    ratom (0.6.10)
      libxml-ruby (>= 1.1.2)
    rbx-require-relative (0.0.5)
    rspec (2.0.1)
      rspec-core (~> 2.0.1)
      rspec-expectations (~> 2.0.1)
      rspec-mocks (~> 2.0.1)
    rspec-core (2.0.1)
    rspec-expectations (2.0.1)
      diff-lcs (>= 1.1.2)
    rspec-mocks (2.0.1)
      rspec-core (~> 2.0.1)
      rspec-expectations (~> 2.0.1)
    ruby-debug (0.10.4)
      columnize (>= 0.1)
      ruby-debug-base (~> 0.10.4.0)
    ruby-debug-base (0.10.4)
      linecache (>= 0.3)

PLATFORMS
  ruby

DEPENDENCIES
  constantcontact!
  fakeweb (>= 1.3.0)
  rake (= 0.8.7)
  ratom (>= 0.6.10)
  rspec (~> 2.0.1)
  ruby-debug
